PATH
  remote: .
  specs:
    pin_payment (0.5.1)

GEM
  remote: https://rubygems.org/
  specs:
    fakeweb (1.3.0)
    minitest (5.11.3)
    rake (10.0.4)

PLATFORMS
  ruby

DEPENDENCIES
  fakeweb
  minitest
  pin_payment!
  rake

BUNDLED WITH
   1.17.2
